PATH
  remote: .
  specs:
    mongoid-sphinx (0.0.1.pre.1)
      mongoid (= 2.0.0.beta.19)
      riddle (~> 1.1.0)

GEM
  remote: http://rubygems.org/
  specs:
    activemodel (3.0.0)
      activesupport (= 3.0.0)
      builder (~> 2.1.2)
      i18n (~> 0.4.1)
    activesupport (3.0.0)
    bson (1.1)
    builder (2.1.2)
    i18n (0.4.1)
    mongo (1.0.9)
      bson (>= 1.0.5)
    mongoid (2.0.0.beta.19)
      activemodel (~> 3.0)
      mongo (= 1.0.9)
      tzinfo (~> 0.3.22)
      will_paginate (~> 3.0.pre)
    riddle (1.1.0)
    tzinfo (0.3.23)
    will_paginate (3.0.pre2)

PLATFORMS
  ruby

DEPENDENCIES
  mongoid (= 2.0.0.beta.19)
  mongoid-sphinx!
  riddle (~> 1.1.0)
